GEM
  remote: http://rubygems.org/
  specs:
    virtus (0.2.0)

PLATFORMS
  ruby

DEPENDENCIES
  virtus
