PATH
  remote: .
  specs:
    quickeebooks (0.0.1)
      activemodel
      nokogiri
      oauth
      roxml

GEM
  remote: http://rubygems.org/
  specs:
    activemodel (3.2.1)
      activesupport (= 3.2.1)
      builder (~> 3.0.0)
    activesupport (3.2.1)
      i18n (~> 0.6)
      multi_json (~> 1.0)
    builder (3.0.0)
    diff-lcs (1.1.3)
    fakeweb (1.3.0)
    i18n (0.6.0)
    multi_json (1.1.0)
    nokogiri (1.5.0)
    oauth (0.4.5)
    rake (0.9.2.2)
    rcov (0.9.11)
    roxml (3.3.1)
      activesupport (>= 2.3.0)
      nokogiri (>= 1.3.3)
    rr (1.0.4)
    rspec (2.0.1)
      rspec-core (~> 2.0.1)
      rspec-expectations (~> 2.0.1)
      rspec-mocks (~> 2.0.1)
    rspec-core (2.0.1)
    rspec-expectations (2.0.1)
      diff-lcs (>= 1.1.2)
    rspec-mocks (2.0.1)
      rspec-core (~> 2.0.1)
      rspec-expectations (~> 2.0.1)

PLATFORMS
  ruby

DEPENDENCIES
  fakeweb
  quickeebooks!
  rake
  rcov (~> 0.9.8)
  rr (~> 1.0.2)
  rspec (~> 2.0.0)
